GEM
  remote: https://rubygems.org/
  specs:
    rainbow (3.1.1)

PLATFORMS
  x86_64-linux

DEPENDENCIES
  rainbow (= 3.1.1)

RUBY VERSION
   ruby 3.0.1p64

BUNDLED WITH
   2.2.15
